PATH
  remote: .
  specs:
    ec2ssh (2.0.5)
      aws-sdk (~> 1.8)
      highline (~> 1.6)
      thor (~> 0.14)

GEM
  remote: https://rubygems.org/
  specs:
    addressable (2.3.4)
    aws-sdk (1.10.0)
      json (~> 1.4)
      nokogiri (>= 1.4.4)
      uuidtools (~> 2.1)
    coderay (1.0.9)
    crack (0.3.2)
    diff-lcs (1.2.4)
    ffi (1.8.1)
    formatador (0.2.4)
    guard (1.8.0)
      formatador (>= 0.2.4)
      listen (>= 1.0.0)
      lumberjack (>= 1.0.2)
      pry (>= 0.9.10)
      thor (>= 0.14.6)
    guard-rspec (2.6.0)
      guard (>= 1.8)
      rspec (~> 2.13)
    highline (1.6.19)
    json (1.8.0)
    listen (1.1.3)
      rb-fsevent (>= 0.9.3)
      rb-inotify (>= 0.9)
      rb-kqueue (>= 0.2)
    lumberjack (1.0.3)
    method_source (0.8.1)
    nokogiri (1.5.9)
    pry (0.9.12.2)
      coderay (~> 1.0.5)
      method_source (~> 0.8)
      slop (~> 3.4)
    rb-fsevent (0.9.3)
    rb-inotify (0.9.0)
      ffi (>= 0.5.0)
    rb-kqueue (0.2.0)
      ffi (>= 0.5.0)
    rspec (2.13.0)
      rspec-core (~> 2.13.0)
      rspec-expectations (~> 2.13.0)
      rspec-mocks (~> 2.13.0)
    rspec-core (2.13.1)
    rspec-expectations (2.13.0)
      diff-lcs (>= 1.1.3, < 2.0)
    rspec-mocks (2.13.1)
    slop (3.4.5)
    thor (0.18.1)
    timecop (0.6.1)
    uuidtools (2.1.4)
    webmock (1.11.0)
      addressable (>= 2.2.7)
      crack (>= 0.3.2)

PLATFORMS
  ruby

DEPENDENCIES
  ec2ssh!
  guard-rspec (~> 2.4)
  rb-fsevent (~> 0.9.1)
  rspec (~> 2.12)
  timecop (~> 0.5)
  webmock (~> 1.9)
